GIT
  remote: https://github.com/chewi/bzip2-ruby.git
  revision: 92d492c2b40c32a5c039314666655ebc2f52a817
  specs:
    bzip2-ruby (0.2.7)

GEM
  remote: https://rubygems.org/
  specs:
    actionpack (4.0.4)
      activesupport (= 4.0.4)
      builder (~> 3.1.0)
      erubis (~> 2.7.0)
      rack (~> 1.5.2)
      rack-test (~> 0.6.2)
    activesupport (4.0.4)
      i18n (~> 0.6, >= 0.6.9)
      minitest (~> 4.2)
      multi_json (~> 1.3)
      thread_safe (~> 0.1)
      tzinfo (~> 0.3.37)
    addressable (2.3.6)
    awesome_print (1.2.0)
    bcrypt (3.1.7)
    bcrypt-ruby (3.1.5)
      bcrypt (>= 3.1.3)
    bootstrap-on (0.0.9)
      padrino
    builder (3.1.4)
    chunky_png (1.3.1)
    coffee-script (2.2.0)
      coffee-script-source
      execjs
    coffee-script-source (1.7.0)
    columnize (0.8.9)
    compass (0.12.6)
      chunky_png (~> 1.2)
      fssm (>= 0.2.7)
      sass (~> 3.2.19)
    curb (0.8.5)
    daemons (1.1.9)
    data_objects (0.10.14)
      addressable (~> 2.1)
    debugger (1.6.8)
      columnize (>= 0.3.1)
      debugger-linecache (~> 1.2.0)
      debugger-ruby_core_source (~> 1.3.5)
    debugger-linecache (1.2.0)
    debugger-ruby_core_source (1.3.5)
    dm-aggregates (1.2.0)
      dm-core (~> 1.2.0)
    dm-constraints (1.2.0)
      dm-core (~> 1.2.0)
    dm-core (1.2.1)
      addressable (~> 2.3)
    dm-do-adapter (1.2.0)
      data_objects (~> 0.10.6)
      dm-core (~> 1.2.0)
    dm-migrations (1.2.0)
      dm-core (~> 1.2.0)
    dm-paperclip (2.5.0)
      dm-core (>= 1.2.0)
      dm-migrations (>= 1.2.0)
      dm-validations (>= 1.2.0)
      extlib
    dm-serializer (1.2.2)
      dm-core (~> 1.2.0)
      fastercsv (~> 1.5)
      json (~> 1.6)
      json_pure (~> 1.6)
      multi_json (~> 1.0)
    dm-sqlite-adapter (1.2.0)
      dm-do-adapter (~> 1.2.0)
      do_sqlite3 (~> 0.10.6)
    dm-timestamps (1.2.0)
      dm-core (~> 1.2.0)
    dm-types (1.2.2)
      bcrypt-ruby (~> 3.0)
      dm-core (~> 1.2.0)
      fastercsv (~> 1.5)
      json (~> 1.6)
      multi_json (~> 1.0)
      stringex (~> 1.4)
      uuidtools (~> 2.1)
    dm-validations (1.2.0)
      dm-core (~> 1.2.0)
    do_sqlite3 (0.10.14)
      data_objects (= 0.10.14)
    erubis (2.7.0)
    eventmachine (1.0.3)
    execjs (2.2.1)
    extlib (0.9.16)
    fastercsv (1.5.5)
    fssm (0.2.10)
    haml (4.0.5)
      tilt
    haml-coffee (0.1.0)
      coffee-script
      execjs
    haml_coffee_assets (1.16.0)
      coffee-script (~> 2.0)
      sprockets (~> 2.0)
      tilt (~> 1.1)
    hike (1.2.3)
    http_router (0.11.1)
      rack (>= 1.0.0)
      url_mount (~> 0.2.1)
    i18n (0.6.9)
    json (1.8.1)
    json_pure (1.8.1)
    kaminari (0.16.1)
      actionpack (>= 3.0.0)
      activesupport (>= 3.0.0)
    libv8 (3.16.14.7)
    mail (2.5.4)
      mime-types (~> 1.16)
      treetop (~> 1.4.8)
    mime-types (1.25.1)
    minitest (4.7.5)
    moneta (0.7.20)
    multi_json (1.10.1)
    padrino (0.12.1)
      padrino-admin (= 0.12.1)
      padrino-cache (= 0.12.1)
      padrino-core (= 0.12.1)
      padrino-gen (= 0.12.1)
      padrino-helpers (= 0.12.1)
      padrino-mailer (= 0.12.1)
      padrino-support (= 0.12.1)
    padrino-admin (0.12.1)
      padrino-core (= 0.12.1)
      padrino-helpers (= 0.12.1)
    padrino-cache (0.12.1)
      moneta (~> 0.7.0)
      padrino-core (= 0.12.1)
      padrino-helpers (= 0.12.1)
    padrino-cookies (0.1.2)
      padrino-core
    padrino-core (0.12.1)
      activesupport (>= 3.1)
      http_router (~> 0.11.0)
      padrino-support (= 0.12.1)
      rack-protection (>= 1.5.0)
      sinatra (~> 1.4.2)
      thor (~> 0.18.0)
    padrino-gen (0.12.1)
      bundler (~> 1.0)
      padrino-core (= 0.12.1)
    padrino-helpers (0.12.1)
      i18n (~> 0.6, >= 0.6.7)
      padrino-support (= 0.12.1)
      tilt (~> 1.4.1)
    padrino-mailer (0.12.1)
      mail (~> 2.5.3)
      padrino-core (= 0.12.1)
    padrino-sprockets (0.0.3)
      sprockets
    padrino-support (0.12.1)
      activesupport (>= 3.1)
    parallel (1.0.0)
    peach (0.5.1)
    polyglot (0.3.5)
    rack (1.5.2)
    rack-protection (1.5.3)
      rack
    rack-test (0.6.2)
      rack (>= 1.0)
    rake (10.3.2)
    ref (1.0.5)
    rmagick (2.13.3)
    ruby-progressbar (1.5.1)
    rubyzip (1.1.4)
    sass (3.2.19)
    sinatra (1.4.5)
      rack (~> 1.4)
      rack-protection (~> 1.4)
      tilt (~> 1.3, >= 1.3.4)
    sprockets (2.12.1)
      hike (~> 1.2)
      multi_json (~> 1.0)
      rack (~> 1.0)
      tilt (~> 1.1, != 1.3.0)
    streamio-ffmpeg (1.0.0)
    stringex (1.5.1)
    therubyracer (0.12.1)
      libv8 (~> 3.16.14.0)
      ref
    thin (1.6.2)
      daemons (>= 1.0.9)
      eventmachine (>= 1.0.0)
      rack (>= 1.0.0)
    thor (0.18.1)
    thread_safe (0.3.4)
    tilt (1.4.1)
    treetop (1.4.15)
      polyglot
      polyglot (>= 0.3.1)
    tzinfo (0.3.39)
    uglifier (2.5.1)
      execjs (>= 0.3.0)
      json (>= 1.8.0)
    url_mount (0.2.1)
      rack
    uuidtools (2.1.4)
    yuicompressor (1.3.3)

PLATFORMS
  ruby

DEPENDENCIES
  actionpack (= 4.0.4)
  awesome_print
  bcrypt
  bootstrap-on
  bzip2-ruby!
  coffee-script
  compass
  curb
  debugger
  dm-aggregates
  dm-constraints
  dm-core
  dm-migrations
  dm-paperclip
  dm-serializer
  dm-sqlite-adapter
  dm-timestamps
  dm-types
  dm-validations
  execjs
  haml
  haml-coffee
  haml_coffee_assets
  kaminari
  mime-types
  padrino (= 0.12.1)
  padrino-cookies
  padrino-sprockets
  parallel
  peach
  rake
  rmagick
  ruby-progressbar
  rubyzip
  streamio-ffmpeg
  therubyracer
  thin
  thor
  uglifier
  yuicompressor
